GEM
  remote: https://rubygems.org/
  specs:
    addressable (2.8.7)
      public_suffix (>= 2.0.2, < 7.0)
    base64 (0.2.0)
    ethon (0.16.0)
      ffi (>= 1.15.0)
    event_stream_parser (1.0.0)
    faraday (2.12.2)
      faraday-net_http (>= 2.0, < 3.5)
      json
      logger
    faraday-multipart (1.1.0)
      multipart-post (~> 2.0)
    faraday-net_http (3.4.0)
      net-http (>= 0.5.0)
    faraday-typhoeus (1.1.0)
      faraday (~> 2.0)
      typhoeus (~> 1.4)
    ffi (1.17.1-aarch64-linux-gnu)
    ffi (1.17.1-aarch64-linux-musl)
    ffi (1.17.1-arm-linux-gnu)
    ffi (1.17.1-arm-linux-musl)
    ffi (1.17.1-arm64-darwin)
    ffi (1.17.1-x86_64-darwin)
    ffi (1.17.1-x86_64-linux-gnu)
    ffi (1.17.1-x86_64-linux-musl)
    gemini-ai (4.2.0)
      event_stream_parser (~> 1.0)
      faraday (~> 2.10)
      faraday-typhoeus (~> 1.1)
      googleauth (~> 1.8)
      typhoeus (~> 1.4, >= 1.4.1)
    google-cloud-env (2.2.1)
      faraday (>= 1.0, < 3.a)
    google-logging-utils (0.1.0)
    googleauth (1.13.1)
      faraday (>= 1.0, < 3.a)
      google-cloud-env (~> 2.2)
      google-logging-utils (~> 0.1)
      jwt (>= 1.4, < 3.0)
      multi_json (~> 1.11)
      os (>= 0.9, < 2.0)
      signet (>= 0.16, < 2.a)
    json (2.10.1)
    jwt (2.10.1)
      base64
    logger (1.6.6)
    multi_json (1.15.0)
    multipart-post (2.4.1)
    net-http (0.6.0)
      uri
    os (1.1.4)
    public_suffix (6.0.1)
    ruby-openai (7.4.0)
      event_stream_parser (>= 0.3.0, < 2.0.0)
      faraday (>= 1)
      faraday-multipart (>= 1)
    signet (0.19.0)
      addressable (~> 2.8)
      faraday (>= 0.17.5, < 3.a)
      jwt (>= 1.5, < 3.0)
      multi_json (~> 1.10)
    tiktoken_ruby (0.0.11.1-aarch64-linux)
    tiktoken_ruby (0.0.11.1-arm-linux)
    tiktoken_ruby (0.0.11.1-arm64-darwin)
    tiktoken_ruby (0.0.11.1-x86_64-darwin)
    tiktoken_ruby (0.0.11.1-x86_64-linux)
    tiktoken_ruby (0.0.11.1-x86_64-linux-musl)
    typhoeus (1.4.1)
      ethon (>= 0.9.0)
    uri (1.0.2)

PLATFORMS
  aarch64-linux
  aarch64-linux-gnu
  aarch64-linux-musl
  arm-linux
  arm-linux-gnu
  arm-linux-musl
  arm64-darwin
  x86_64-darwin
  x86_64-linux
  x86_64-linux-gnu
  x86_64-linux-musl

DEPENDENCIES
  gemini-ai
  ruby-openai (>= 4.1.0)
  tiktoken_ruby (~> 0.0.5)

BUNDLED WITH
   2.6.7
